GEM
  remote: https://rubygems.org/
  specs:
    net-ssh (3.1.1)
    parallel (1.9.0)
    rake (11.1.2)

PLATFORMS
  ruby

DEPENDENCIES
  net-ssh
  parallel
  rake

BUNDLED WITH
   1.12.4
